GIT
  remote: http://github.com/rspec/rspec.git
  revision: 3df49f5
  tag: v2.0.0.beta.22
  specs:
    rspec (2.0.0.beta.22)
      rspec-core (= 2.0.0.beta.22)
      rspec-expectations (= 2.0.0.beta.22)
      rspec-mocks (= 2.0.0.beta.22)

PATH
  remote: .
  specs:
    bitsbuilder-blog (0.0.3)

GEM
  remote: http://rubygems.org/
  specs:
    adsf (1.0.1)
      rack (>= 1.0.0)
    compass (0.10.5)
      haml (>= 3.0.4)
    cri (1.0.1)
    diff-lcs (1.1.2)
    haml (3.0.21)
    nanoc (3.1.5)
      nanoc3 (>= 3.1.5)
    nanoc3 (3.1.5)
      cri (>= 1.0.0)
    rack (1.2.1)
    rake (0.8.7)
    rspec-core (2.0.0.beta.22)
    rspec-expectations (2.0.0.beta.22)
      diff-lcs (>= 1.1.2)
    rspec-mocks (2.0.0.beta.22)
      rspec-core (= 2.0.0.beta.22)
      rspec-expectations (= 2.0.0.beta.22)

PLATFORMS
  ruby

DEPENDENCIES
  adsf
  bitsbuilder-blog!
  compass
  haml
  nanoc (~> 3.1)
  rake
  rspec!
