GIT
  remote: http://github.com/ddfreyne/nanoc-meta.git
  revision: e6a23b5c057175f2a021ef694d9602f492c4c672
  specs:
    nanoc (3.1.3)
      nanoc3 (>= 3.1.3)

GIT
  remote: http://github.com/ddfreyne/nanoc.git
  revision: aab03746d8422920cab0ef3487c1a1aad13fbb0b
  specs:
    nanoc3 (3.2.0a3)
      cri (>= 1.0.0)

GIT
  remote: http://github.com/rspec/rspec.git
  revision: 3df49f5942c29aa3eaff80f5904e0b3d4b4f6fed
  tag: v2.0.0.beta.22
  specs:
    rspec (2.0.0.beta.22)
      rspec-core (= 2.0.0.beta.22)
      rspec-expectations (= 2.0.0.beta.22)
      rspec-mocks (= 2.0.0.beta.22)

PATH
  remote: .
  specs:
    bitsbuilder-blog (0.0.3)

GEM
  remote: http://rubygems.org/
  specs:
    RedCloth (4.2.3)
    adsf (1.0.1)
      rack (>= 1.0.0)
    archive-tar-minitar (0.5.2)
    columnize (0.3.1)
    compass (0.10.6)
      haml (>= 3.0.4)
    cri (1.0.1)
    diff-lcs (1.1.2)
    haml (3.0.23)
    linecache19 (0.5.11)
      ruby_core_source (>= 0.1.4)
    rack (1.2.1)
    rake (0.8.7)
    rdiscount (1.6.5)
    rspec-core (2.0.0.beta.22)
    rspec-expectations (2.0.0.beta.22)
      diff-lcs (>= 1.1.2)
    rspec-mocks (2.0.0.beta.22)
      rspec-core (= 2.0.0.beta.22)
      rspec-expectations (= 2.0.0.beta.22)
    ruby-debug-base19 (0.11.24)
      columnize (>= 0.3.1)
      linecache19 (>= 0.5.11)
      ruby_core_source (>= 0.1.4)
    ruby-debug19 (0.11.6)
      columnize (>= 0.3.1)
      linecache19 (>= 0.5.11)
      ruby-debug-base19 (>= 0.11.19)
    ruby_core_source (0.1.4)
      archive-tar-minitar (>= 0.5.2)

PLATFORMS
  ruby

DEPENDENCIES
  RedCloth
  adsf
  bitsbuilder-blog!
  compass
  haml
  nanoc!
  nanoc3!
  rake
  rdiscount
  rspec!
  ruby-debug19
