PATH
  remote: .
  specs:
    bbb (0.0.1)

GEM
  remote: http://rubygems.org/
  specs:
    cri (1.0.1)
    nanoc (3.1.5)
      nanoc3 (>= 3.1.5)
    nanoc3 (3.1.5)
      cri (>= 1.0.0)

PLATFORMS
  ruby

DEPENDENCIES
  bbb!
  nanoc (~> 3.1)
