GIT
  remote: http://github.com/ddfreyne/nanoc-meta.git
  revision: e6a23b5c057175f2a021ef694d9602f492c4c672
  specs:
    nanoc (3.1.3)
      nanoc3 (>= 3.1.3)

GIT
  remote: http://github.com/ddfreyne/nanoc.git
  revision: aab03746d8422920cab0ef3487c1a1aad13fbb0b
  specs:
    nanoc3 (3.2.0a3)
      cri (>= 1.0.0)

GIT
  remote: http://github.com/rspec/rspec.git
  revision: 46400ad450a8533ccb8bd91dd86fe1acfe355d88
  tag: v2.0.1
  specs:
    rspec (2.0.1)
      rspec-core (~> 2.0.1)
      rspec-expectations (~> 2.0.1)
      rspec-mocks (~> 2.0.1)

PATH
  remote: .
  specs:
    bitsbuilder-blog (0.0.3)

GEM
  remote: http://rubygems.org/
  specs:
    RedCloth (4.2.3)
    adsf (1.0.1)
      rack (>= 1.0.0)
    archive-tar-minitar (0.5.2)
    builder (2.1.2)
    columnize (0.3.1)
    compass (0.10.6)
      haml (>= 3.0.4)
    cri (1.0.1)
    cucumber (0.9.3)
      builder (~> 2.1.2)
      diff-lcs (~> 1.1.2)
      gherkin (~> 2.2.9)
      json (~> 1.4.6)
      term-ansicolor (~> 1.0.5)
    diff-lcs (1.1.2)
    gherkin (2.2.9)
      json (~> 1.4.6)
      term-ansicolor (~> 1.0.5)
    haml (3.0.23)
    json (1.4.6)
    linecache19 (0.5.11)
      ruby_core_source (>= 0.1.4)
    nokogiri (1.4.3.1)
    rack (1.2.1)
    rake (0.8.7)
    rdiscount (1.6.5)
    rspec-core (2.0.1)
    rspec-expectations (2.0.1)
      diff-lcs (>= 1.1.2)
    rspec-mocks (2.0.1)
      rspec-core (~> 2.0.1)
      rspec-expectations (~> 2.0.1)
    ruby-debug-base19 (0.11.24)
      columnize (>= 0.3.1)
      linecache19 (>= 0.5.11)
      ruby_core_source (>= 0.1.4)
    ruby-debug19 (0.11.6)
      columnize (>= 0.3.1)
      linecache19 (>= 0.5.11)
      ruby-debug-base19 (>= 0.11.19)
    ruby_core_source (0.1.4)
      archive-tar-minitar (>= 0.5.2)
    term-ansicolor (1.0.5)

PLATFORMS
  ruby

DEPENDENCIES
  RedCloth
  adsf
  bitsbuilder-blog!
  compass
  cucumber
  haml
  nanoc!
  nanoc3!
  nokogiri
  rake
  rdiscount
  rspec!
  ruby-debug19
